GEM
  remote: https://rubygems.org/
  specs:
    rb-readline (0.5.3)

PLATFORMS
  ruby

DEPENDENCIES
  rb-readline

BUNDLED WITH
   1.12.5
